GEM
  remote: https://rubygems.org/
  specs:
    descriptive_statistics (2.5.1)
    ruby-ole (1.2.12.1)
    spreadsheet (1.1.4)
      ruby-ole (>= 1.0)

PLATFORMS
  ruby

DEPENDENCIES
  descriptive_statistics
  spreadsheet

BUNDLED WITH
   1.14.6
